GIT
  remote: git://github.com/hone/resque.git
  revision: f8f105461d5b622d391e092cc594621b4dd98ef6
  branch: heroku
  specs:
    resque (1.19.0)
      multi_json (~> 1.0)
      redis-namespace (~> 1.0.2)
      sinatra (>= 0.9.2)
      vegas (~> 0.1.2)

GEM
  remote: http://rubygems.org/
  specs:
    activesupport (3.0.5)
    archive-tar-minitar (0.5.2)
    clockwork (0.2.3)
    columnize (0.3.2)
    couchrest (1.0.1)
      json (>= 1.4.6)
      mime-types (>= 1.15)
      rest-client (>= 1.5.1)
    daemons (1.1.0)
    diff-lcs (1.1.2)
    eventmachine (0.12.10)
    gmail_xoauth (0.3.0)
      oauth (>= 0.3.6)
    haml (3.0.25)
    i18n (0.5.0)
    json (1.4.6)
    linecache19 (0.5.11)
      ruby_core_source (>= 0.1.4)
    mail (2.2.15)
      activesupport (>= 2.3.6)
      i18n (>= 0.4.0)
      mime-types (~> 1.16)
      treetop (~> 1.4.8)
    mime-types (1.16)
    multi_json (1.0.4)
    oauth (0.4.4)
    polyglot (0.3.1)
    rack (1.3.4)
    rack-protection (1.1.4)
      rack
    rake (0.8.7)
    redis (2.2.2)
    redis-namespace (1.0.3)
      redis (< 3.0.0)
    rest-client (1.6.1)
      mime-types (>= 1.16)
    rspec-core (2.3.0)
    rspec-expectations (2.3.0)
      diff-lcs (~> 1.1.2)
    ruby-debug-base19 (0.11.24)
      columnize (>= 0.3.1)
      linecache19 (>= 0.5.11)
      ruby_core_source (>= 0.1.4)
    ruby-debug19 (0.11.6)
      columnize (>= 0.3.1)
      linecache19 (>= 0.5.11)
      ruby-debug-base19 (>= 0.11.19)
    ruby-openid (2.1.8)
    ruby_core_source (0.1.4)
      archive-tar-minitar (>= 0.5.2)
    shotgun (0.9)
      rack (>= 1.0)
    sinatra (1.3.1)
      rack (~> 1.3, >= 1.3.4)
      rack-protection (~> 1.1, >= 1.1.2)
      tilt (~> 1.3, >= 1.3.3)
    thin (1.2.10)
      daemons (>= 1.0.9)
      eventmachine (>= 0.12.6)
      rack (>= 1.0.0)
    tilt (1.3.3)
    treetop (1.4.9)
      polyglot (>= 0.3.1)
    vegas (0.1.8)
      rack (>= 1.0.0)
    warden (0.10.7)
      rack (>= 1.0.0)
    warden-googleapps (0.1.3)
      ruby-openid (~> 2.1.7)
      warden (~> 0.10)
    yajl-ruby (0.8.2)

PLATFORMS
  ruby

DEPENDENCIES
  clockwork
  couchrest
  gmail_xoauth
  haml
  mail
  oauth
  rake
  resque!
  rspec-core (= 2.3.0)
  rspec-expectations (= 2.3.0)
  ruby-debug19
  shotgun
  sinatra
  thin
  warden-googleapps
  yajl-ruby
