GEM
  remote: http://rubygems.org/
  specs:
    activesupport (3.0.3)
    clockwork (0.2.1)
    daemons (1.1.0)
    eventmachine (0.12.10)
    i18n (0.5.0)
    json (1.4.6)
    mail (2.2.13)
      activesupport (>= 2.3.6)
      i18n (>= 0.4.0)
      mime-types (~> 1.16)
      treetop (~> 1.4.8)
    mime-types (1.16)
    polyglot (0.3.1)
    rack (1.2.1)
    rake (0.8.7)
    redis (2.1.1)
    redis-namespace (0.8.0)
      redis (< 3.0.0)
    resque (1.10.0)
      json (~> 1.4.6)
      redis-namespace (~> 0.8.0)
      sinatra (>= 0.9.2)
      vegas (~> 0.1.2)
    ruby-openid (2.1.8)
    sinatra (1.1.2)
      rack (~> 1.1)
      tilt (~> 1.2)
    thin (1.2.7)
      daemons (>= 1.0.9)
      eventmachine (>= 0.12.6)
      rack (>= 1.0.0)
    tilt (1.2.1)
    treetop (1.4.9)
      polyglot (>= 0.3.1)
    vegas (0.1.8)
      rack (>= 1.0.0)
    warden (0.10.7)
      rack (>= 1.0.0)
    warden-googleapps (0.1.3)
      ruby-openid (~> 2.1.7)
      warden (~> 0.10)

PLATFORMS
  ruby

DEPENDENCIES
  clockwork
  mail
  rake
  resque
  thin
  warden-googleapps
